GIT
  remote: git://github.com/rspec/rspec-core.git
  revision: 2336a7f550f855dc2fd576f89c9ae216e78dab4e
  specs:
    rspec-core (2.6.4)

GIT
  remote: git://github.com/rspec/rspec-expectations.git
  revision: 2102bcd9238ff1f26e2def4e66797a36d897329e
  specs:
    rspec-expectations (2.6.0)
      diff-lcs (~> 1.1.2)

GIT
  remote: git://github.com/rspec/rspec-mocks.git
  revision: 66d5295a93df88e4b1c1d4b300166a446909f6e5
  specs:
    rspec-mocks (2.6.0)

GIT
  remote: git://github.com/rspec/rspec.git
  revision: a10752bd8120f61e6ba7501138a726bca0ba75e4
  specs:
    rspec (2.6.0)
      rspec-core (~> 2.6.0)
      rspec-expectations (~> 2.6.0)
      rspec-mocks (~> 2.6.0)

GEM
  remote: http://rubygems.org/
  specs:
    ZenTest (4.4.2)
    archive-tar-minitar (0.5.2)
    aruba (0.3.7)
      childprocess (>= 0.1.9)
      cucumber (>= 0.10.5)
      rspec (>= 2.6.0)
    builder (3.0.0)
    childprocess (0.2.2)
      ffi (~> 1.0.6)
    columnize (0.3.4)
    cucumber (0.10.7)
      builder (>= 2.1.2)
      diff-lcs (>= 1.1.2)
      gherkin (~> 2.4.0)
      json (>= 1.4.6)
      term-ansicolor (>= 1.0.5)
    diff-lcs (1.1.3)
    fakefs (0.4.0)
    ffi (1.0.9)
    flexmock (0.8.8)
    gherkin (2.4.21)
      json (>= 1.4.6)
    growl (1.0.3)
    guard (0.8.4)
      thor (~> 0.14.6)
    guard-rspec (0.1.9)
      guard (>= 0.2.2)
    json (1.4.6)
    linecache (0.46)
      rbx-require-relative (> 0.0.4)
    linecache19 (0.5.11)
      ruby_core_source (>= 0.1.4)
    mime-types (1.16)
    mocha (0.9.12)
    nokogiri (1.4.4)
    rake (0.9.2)
    rb-fsevent (0.3.10)
    rbx-require-relative (0.0.5)
    rcov (0.9.9)
    relish (0.2.0)
      archive-tar-minitar (~> 0.5.2)
      json (~> 1.4.6)
      rest-client (~> 1.6.1)
    rest-client (1.6.7)
      mime-types (>= 1.16)
    rr (1.0.4)
    ruby-debug (0.10.4)
      columnize (>= 0.1)
      ruby-debug-base (~> 0.10.4.0)
    ruby-debug-base (0.10.4)
      linecache (>= 0.3)
    ruby-debug-base19 (0.11.25)
      columnize (>= 0.3.1)
      linecache19 (>= 0.5.11)
      ruby_core_source (>= 0.1.4)
    ruby-debug19 (0.11.6)
      columnize (>= 0.3.1)
      linecache19 (>= 0.5.11)
      ruby-debug-base19 (>= 0.11.19)
    ruby-prof (0.9.2)
    ruby_core_source (0.1.5)
      archive-tar-minitar (>= 0.5.2)
    syntax (1.0.0)
    term-ansicolor (1.0.6)
    thor (0.14.6)

PLATFORMS
  ruby

DEPENDENCIES
  ZenTest (~> 4.4.2)
  aruba (~> 0.3.6)
  cucumber (~> 0.10.2)
  fakefs
  flexmock (= 0.8.8)
  growl (= 1.0.3)
  guard-rspec (= 0.1.9)
  jruby-openssl
  linecache19 (= 0.5.11)
  mocha (~> 0.9.10)
  nokogiri (= 1.4.4)
  rake (~> 0.9)
  rb-fsevent (~> 0.3.9)
  rcov (= 0.9.9)
  relish (= 0.2.0)
  rr (~> 1.0.2)
  rspec!
  rspec-core!
  rspec-expectations!
  rspec-mocks!
  ruby-debug
  ruby-debug-base19 (~> 0.11.24)
  ruby-debug19
  ruby-prof (~> 0.9.2)
  syntax (= 1.0.0)
